GEM
  remote: http://rubygems.org/
  specs:
    activesupport (3.2.12)
      i18n (~> 0.6)
      multi_json (~> 1.0)
    awesome_print (1.1.0)
    code_analyzer (0.3.1)
      sexp_processor
    colored (1.2)
    colorize (0.5.8)
    diff-lcs (1.1.3)
    erubis (2.7.0)
    i18n (0.6.1)
    multi_json (1.6.1)
    rails_best_practices (1.13.4)
      activesupport
      awesome_print
      code_analyzer
      colored
      erubis
      i18n
      ruby-progressbar
    rake (0.9.2.2)
    rspec (2.11.0)
      rspec-core (~> 2.11.0)
      rspec-expectations (~> 2.11.0)
      rspec-mocks (~> 2.11.0)
    rspec-core (2.11.0)
    rspec-expectations (2.11.1)
      diff-lcs (~> 1.1.3)
    rspec-mocks (2.11.1)
    ruby-progressbar (1.0.2)
    sexp_processor (4.1.5)

PLATFORMS
  ruby

DEPENDENCIES
  colorize
  rails_best_practices
  rake
  rspec
